GEM
  remote: http://rubygems.org/
  specs:
    cinch (2.0.3)
    curb (0.8.3)
    diff-lcs (1.1.3)
    feedzirra (0.2.0.rc2)
      curb (~> 0.8.0)
      gorillib (~> 0.1.9)
      loofah (~> 1.2.1)
      nokogiri (~> 1.5.3)
      sax-machine (~> 0.2.0.rc1)
    gorillib (0.1.11)
      json
    json (1.7.6)
    loofah (1.2.1)
      nokogiri (>= 1.4.4)
    nokogiri (1.5.6)
    rake (10.0.3)
    rspec (2.12.0)
      rspec-core (~> 2.12.0)
      rspec-expectations (~> 2.12.0)
      rspec-mocks (~> 2.12.0)
    rspec-core (2.12.2)
    rspec-expectations (2.12.1)
      diff-lcs (~> 1.1.3)
    rspec-mocks (2.12.1)
    sax-machine (0.2.0.rc1)
      nokogiri (~> 1.5.2)

PLATFORMS
  ruby

DEPENDENCIES
  cinch
  feedzirra (~> 0.2.0.rc2)
  rake
  rspec
